GEM
  remote: https://rubygems.org/
  specs:
    brakeman (4.9.1)

PLATFORMS
  ruby

DEPENDENCIES
  brakeman (= 4.9.1)

BUNDLED WITH
   2.1.4
